GEM
  remote: https://rubygems.org/
  specs:
    ansi (1.5.0)
    builder (3.2.4)
    childprocess (3.0.0)
    minitest (5.14.2)
    minitest-reporters (1.4.2)
      ansi
      builder
      minitest (>= 5.0)
      ruby-progressbar
    ruby-progressbar (1.10.1)
    rubyzip (2.3.0)
    selenium-webdriver (3.142.7)
      childprocess (>= 0.5, < 4.0)
      rubyzip (>= 1.2.2)

PLATFORMS
  ruby

DEPENDENCIES
  minitest (~> 5.14, >= 5.14.2)
  minitest-reporters (~> 1.4, >= 1.4.2)
  selenium-webdriver (~> 3.142, >= 3.142.7)

RUBY VERSION
   ruby 2.7.1p83

BUNDLED WITH
   2.1.4
